PATH
  remote: .
  specs:
    sqlui (0.1.2)

GEM
  remote: http://rubygems.org/
  specs:
    diff-lcs (1.5.0)
    rspec-core (3.11.0)
      rspec-support (~> 3.11.0)
    rspec-expectations (3.11.1)
      diff-lcs (>= 1.2.0, < 2.0)
      rspec-support (~> 3.11.0)
    rspec-mocks (3.11.1)
      diff-lcs (>= 1.2.0, < 2.0)
      rspec-support (~> 3.11.0)
    rspec-support (3.11.1)

PLATFORMS
  x86_64-darwin-20

DEPENDENCIES
  rspec-core (~> 3.11)
  rspec-expectations (~> 3.11)
  rspec-mocks (~> 3.11)
  sqlui!

BUNDLED WITH
   2.3.22
