PATH
  remote: .
  specs:
    sqlui (0.1.11)
      mysql2 (~> 0.0)
      puma (~> 6.0)
      sinatra (~> 3.0)

GEM
  remote: http://rubygems.org/
  specs:
    diff-lcs (1.5.0)
    mustermann (3.0.0)
      ruby2_keywords (~> 0.0.1)
    mysql2 (0.5.4)
    nio4r (2.5.8)
    nio4r (2.5.8-java)
    puma (6.0.0)
      nio4r (~> 2.0)
    puma (6.0.0-java)
      nio4r (~> 2.0)
    rack (2.2.4)
    rack-protection (3.0.2)
      rack
    rspec-core (3.11.0)
      rspec-support (~> 3.11.0)
    rspec-expectations (3.11.1)
      diff-lcs (>= 1.2.0, < 2.0)
      rspec-support (~> 3.11.0)
    rspec-mocks (3.11.1)
      diff-lcs (>= 1.2.0, < 2.0)
      rspec-support (~> 3.11.0)
    rspec-support (3.11.1)
    ruby2_keywords (0.0.5)
    sinatra (3.0.2)
      mustermann (~> 3.0)
      rack (~> 2.2, >= 2.2.4)
      rack-protection (= 3.0.2)
      tilt (~> 2.0)
    tilt (2.0.11)

PLATFORMS
  universal-java-11
  x86_64-darwin-20

DEPENDENCIES
  puma (~> 6.0)
  rspec-core (~> 3.0)
  rspec-expectations (~> 3.0)
  rspec-mocks (~> 3.0)
  sinatra (~> 3.0)
  sqlui!

BUNDLED WITH
   2.3.14
