PATH
  remote: .
  specs:
    sqlui (0.1.63)
      airbrake (~> 13.0)
      mysql2 (~> 0.0)
      prometheus-client (~> 4.0)
      sinatra (~> 3.0)
      webrick (~> 1.0)

GEM
  remote: http://rubygems.org/
  specs:
    airbrake (13.0.3)
      airbrake-ruby (~> 6.0)
    airbrake-ruby (6.2.0)
      rbtree3 (~> 0.5)
    airbrake-ruby (6.2.0-java)
      rbtree-jruby (~> 0.2)
    ast (2.4.2)
    diff-lcs (1.5.0)
    json (2.6.3)
    json (2.6.3-java)
    mustermann (3.0.0)
      ruby2_keywords (~> 0.0.1)
    mysql2 (0.5.5)
    parallel (1.22.1)
    parser (3.2.0.0)
      ast (~> 2.4.1)
    prometheus-client (4.0.0)
    rack (2.2.6.2)
    rack-protection (3.0.5)
      rack
    rainbow (3.1.1)
    rbtree-jruby (0.2.1)
    rbtree3 (0.7.0)
    regexp_parser (2.6.2)
    rexml (3.2.5)
    rspec-core (3.12.0)
      rspec-support (~> 3.12.0)
    rspec-expectations (3.12.2)
      diff-lcs (>= 1.2.0, < 2.0)
      rspec-support (~> 3.12.0)
    rspec-mocks (3.12.3)
      diff-lcs (>= 1.2.0, < 2.0)
      rspec-support (~> 3.12.0)
    rspec-support (3.12.0)
    rubocop (1.44.1)
      json (~> 2.3)
      parallel (~> 1.10)
      parser (>= 3.2.0.0)
      rainbow (>= 2.2.2, < 4.0)
      regexp_parser (>= 1.8, < 3.0)
      rexml (>= 3.2.5, < 4.0)
      rubocop-ast (>= 1.24.1, < 2.0)
      ruby-progressbar (~> 1.7)
      unicode-display_width (>= 2.4.0, < 3.0)
    rubocop-ast (1.24.1)
      parser (>= 3.1.1.0)
    ruby-progressbar (1.11.0)
    ruby2_keywords (0.0.5)
    rubyzip (2.3.2)
    selenium-webdriver (4.8.0)
      rexml (~> 3.2, >= 3.2.5)
      rubyzip (>= 1.2.2, < 3.0)
      websocket (~> 1.0)
    sinatra (3.0.5)
      mustermann (~> 3.0)
      rack (~> 2.2, >= 2.2.4)
      rack-protection (= 3.0.5)
      tilt (~> 2.0)
    tilt (2.0.11)
    unicode-display_width (2.4.2)
    webrick (1.8.1)
    websocket (1.2.9)

PLATFORMS
  universal-java-11
  x86_64-darwin-20
  x86_64-linux

DEPENDENCIES
  rspec-core (~> 3.0)
  rspec-expectations (~> 3.0)
  rspec-mocks (~> 3.0)
  rubocop (~> 1.0)
  selenium-webdriver (~> 4.0)
  sqlui!

BUNDLED WITH
   2.2.33
