PATH
  remote: .
  specs:
    sqlui (0.0.1)

GEM
  remote: http://rubygems.org/
  specs:

PLATFORMS
  x86_64-darwin-20

DEPENDENCIES
  sqlui!

BUNDLED WITH
   2.3.22
