PATH
  remote: .
  specs:
    sqlui (0.1.16)
      mysql2 (~> 0.0)
      puma (~> 6.0)
      sinatra (~> 3.0)

GEM
  remote: http://rubygems.org/
  specs:
    childprocess (4.1.0)
    diff-lcs (1.5.0)
    mustermann (3.0.0)
      ruby2_keywords (~> 0.0.1)
    mysql2 (0.5.4)
    nio4r (2.5.8)
    nio4r (2.5.8-java)
    puma (6.0.0)
      nio4r (~> 2.0)
    puma (6.0.0-java)
      nio4r (~> 2.0)
    rack (2.2.4)
    rack-protection (3.0.2)
      rack
    regexp_parser (2.6.0)
    rexml (3.2.5)
    rspec-core (3.11.0)
      rspec-support (~> 3.11.0)
    rspec-expectations (3.11.1)
      diff-lcs (>= 1.2.0, < 2.0)
      rspec-support (~> 3.11.0)
    rspec-mocks (3.11.1)
      diff-lcs (>= 1.2.0, < 2.0)
      rspec-support (~> 3.11.0)
    rspec-support (3.11.1)
    ruby2_keywords (0.0.5)
    rubyzip (2.3.2)
    selenium-webdriver (4.5.0)
      childprocess (>= 0.5, < 5.0)
      rexml (~> 3.2, >= 3.2.5)
      rubyzip (>= 1.2.2, < 3.0)
      websocket (~> 1.0)
    sinatra (3.0.2)
      mustermann (~> 3.0)
      rack (~> 2.2, >= 2.2.4)
      rack-protection (= 3.0.2)
      tilt (~> 2.0)
    tilt (2.0.11)
    watir (7.1.0)
      regexp_parser (>= 1.2, < 3)
      selenium-webdriver (~> 4.0)
    websocket (1.2.9)

PLATFORMS
  universal-java-11
  x86_64-darwin-20
  x86_64-linux

DEPENDENCIES
  puma (~> 6.0)
  rspec-core (~> 3.0)
  rspec-expectations (~> 3.0)
  rspec-mocks (~> 3.0)
  sinatra (~> 3.0)
  sqlui!
  watir (~> 7.0)

BUNDLED WITH
   2.3.14
